GEM
  remote: https://rubygems.org/
  specs:
    json (1.8.1)
    mime-types (2.5)
    rack (1.6.0)

PLATFORMS
  ruby

DEPENDENCIES
  json
  mime-types
  rack
